GEM
  remote: https://rubygems.org/
  specs:
    ansi (1.5.0)
    atk (4.2.1)
      glib2 (= 4.2.1)
    builder (3.2.4)
    byebug (11.1.3)
    cairo (1.17.13)
      native-package-installer (>= 1.0.3)
      pkg-config (>= 1.2.2)
      red-colors
    cairo-gobject (4.2.1)
      cairo (>= 1.16.2)
      glib2 (= 4.2.1)
    coderay (1.1.3)
    fiddle (1.1.2)
    gdk4 (4.2.1)
      cairo-gobject (= 4.2.1)
      gdk_pixbuf2 (= 4.2.1)
      pango (= 4.2.1)
    gdk_pixbuf2 (4.2.1)
      gio2 (= 4.2.1)
    gio2 (4.2.1)
      fiddle
      gobject-introspection (= 4.2.1)
    glib2 (4.2.1)
      native-package-installer (>= 1.0.3)
      pkg-config (>= 1.3.5)
    gobject-introspection (4.2.1)
      glib2 (= 4.2.1)
    gstreamer (4.2.1)
      gobject-introspection (= 4.2.1)
    gtk4 (4.2.1)
      atk (= 4.2.1)
      gdk4 (= 4.2.1)
    interception (0.5)
    json (2.7.1)
    matrix (0.4.2)
    method_source (1.0.0)
    minitest (5.22.3)
    minitest-reporters (1.6.1)
      ansi
      builder
      minitest (>= 5.0)
      ruby-progressbar
    native-package-installer (1.1.9)
    nokogiri (1.16.3-x86_64-linux)
      racc (~> 1.4)
    pango (4.2.1)
      cairo-gobject (= 4.2.1)
      gobject-introspection (= 4.2.1)
    pkg-config (1.5.6)
    pry (0.14.2)
      coderay (~> 1.1)
      method_source (~> 1.0)
    pry-byebug (3.10.1)
      byebug (~> 11.0)
      pry (>= 0.13, < 0.15)
    pry-doc (1.5.0)
      pry (~> 0.11)
      yard (~> 0.9.11)
    pry-rescue (1.6.0)
      interception (>= 0.5)
      pry (>= 0.12.0)
    racc (1.7.3)
    rake (13.1.0)
    red-colors (0.4.0)
      json
      matrix
    ruby-progressbar (1.13.0)
    yard (0.9.36)

PLATFORMS
  x86_64-linux

DEPENDENCIES
  glib2
  gstreamer
  gtk4
  minitest
  minitest-reporters
  nokogiri
  pry
  pry-byebug
  pry-doc
  pry-rescue
  rake

BUNDLED WITH
   2.4.19
